PATH
  remote: .
  specs:
    sls_adf (0.0.0.pre)
      graphql-client (~> 0.12)
      typhoeus (~> 1.3)

GEM
  remote: https://rubygems.org/
  specs:
    activesupport (5.1.4)
      concurrent-ruby (~> 1.0, >= 1.0.2)
      i18n (~> 0.7)
      minitest (~> 5.1)
      tzinfo (~> 1.1)
    concurrent-ruby (1.0.5)
    diff-lcs (1.3)
    docile (1.1.5)
    dotenv (2.2.1)
    ethon (0.11.0)
      ffi (>= 1.3.0)
    ffi (1.9.18)
    graphql (1.7.7)
    graphql-client (0.12.2)
      activesupport (>= 3.0, < 6.0)
      graphql (~> 1.6)
    i18n (0.9.1)
      concurrent-ruby (~> 1.0)
    json (2.1.0)
    minitest (5.10.3)
    rake (10.5.0)
    rdoc (6.0.0)
    rspec (3.7.0)
      rspec-core (~> 3.7.0)
      rspec-expectations (~> 3.7.0)
      rspec-mocks (~> 3.7.0)
    rspec-core (3.7.0)
      rspec-support (~> 3.7.0)
    rspec-expectations (3.7.0)
      diff-lcs (>= 1.2.0, < 2.0)
      rspec-support (~> 3.7.0)
    rspec-mocks (3.7.0)
      diff-lcs (>= 1.2.0, < 2.0)
      rspec-support (~> 3.7.0)
    rspec-support (3.7.0)
    simplecov (0.15.1)
      docile (~> 1.1.0)
      json (>= 1.8, < 3)
      simplecov-html (~> 0.10.0)
    simplecov-html (0.10.2)
    thread_safe (0.3.6)
    typhoeus (1.3.0)
      ethon (>= 0.9.0)
    tzinfo (1.2.4)
      thread_safe (~> 0.1)

PLATFORMS
  ruby

DEPENDENCIES
  bundler (~> 1.16)
  dotenv (~> 2.2)
  rake (~> 10.0)
  rdoc
  rspec (~> 3.0)
  simplecov
  sls_adf!

BUNDLED WITH
   1.16.0
